PATH
  remote: .
  specs:
    kenji (1.1.1)
      json
      rack (~> 1.5.2)

GEM
  remote: https://rubygems.org/
  specs:
    diff-lcs (1.2.5)
    inifile (2.0.2)
    json (1.8.1)
    rack (1.5.2)
    rack-test (0.6.2)
      rack (>= 1.0)
    rake (10.3.2)
    rspec (3.0.0)
      rspec-core (~> 3.0.0)
      rspec-expectations (~> 3.0.0)
      rspec-mocks (~> 3.0.0)
    rspec-core (3.0.3)
      rspec-support (~> 3.0.0)
    rspec-expectations (3.0.3)
      diff-lcs (>= 1.2.0, < 2.0)
      rspec-support (~> 3.0.0)
    rspec-mocks (3.0.3)
      rspec-support (~> 3.0.0)
    rspec-support (3.0.3)

PLATFORMS
  ruby

DEPENDENCIES
  inifile
  kenji!
  rack-test
  rake
  rspec
