GEM
  remote: http://rubygems.org/
  specs:
    bson (1.4.0)
    curb (0.7.15)
    daemon_controller (0.2.6)
    fastthread (1.0.7)
    inifile (0.4.1)
    json (1.5.3)
    mongo (1.3.1)
      bson (>= 1.3.1)
    passenger (3.0.7)
      daemon_controller (>= 0.2.5)
      fastthread (>= 1.0.1)
      rack
      rake (>= 0.8.1)
    rack (1.3.1)
    rake (0.9.2)

PLATFORMS
  ruby

DEPENDENCIES
  curb
  inifile
  json
  mongo
  passenger
  rack
